GIT
  remote: git://github.com/cupcake/contacts-service.git
  revision: 55ef7dd5aead5dc1566d30c6c974eccf94a1f60d
  branch: master
  specs:
    contacts-service (0.0.1)

GIT
  remote: git://github.com/jvaill/sprockets.git
  revision: 6327a13e77609991509c8cf3d3c1e571f6a4b23d
  branch: master
  specs:
    sprockets (2.9.2)
      hike (~> 1.2)
      multi_json (~> 1.0)
      rack (~> 1.0)
      tilt (~> 1.1, != 1.3.0)

GIT
  remote: git://github.com/jvatic/marbles-js.git
  revision: 9dea78e95f498567448c605d54c651fb912fb56d
  branch: master
  specs:
    marbles-js (0.0.4)

GIT
  remote: git://github.com/jvatic/react-jsx-sprockets.git
  revision: c4fc698df52e7ca0634fb49de27f917272f89a31
  branch: master
  specs:
    react-jsx-sprockets (0.0.3)
      execjs (>= 1.2.9)
      sprockets (>= 2.0.3)
      tilt (>= 1.3.3)
      yajl-ruby

GIT
  remote: git://github.com/jvatic/static-sprockets.git
  revision: 76233c47fef5791899b7a435391174b5ab58e7bb
  branch: master
  specs:
    static-sprockets (0.0.1)
      rack (~> 1.0)
      rack-putty (= 0.0.1)
      sass
      sprockets (~> 2.0)
      sprockets-helpers
      sprockets-rainpress
      sprockets-sass
      uglifier

GIT
  remote: git://github.com/tent/icing.git
  revision: 6cc1174efae868c5bea74e567931af21a1a2e5a1
  branch: refactor
  specs:
    icing (0.0.1)
      compass (~> 0.12.2)
      sass
      sprockets (~> 2.0)
      sprockets-helpers (~> 0.2)
      sprockets-sass (~> 0.5)

GIT
  remote: git://github.com/tent/marbles-tent-client-js.git
  revision: 9c7550ada0006a8857a235d9f33bad6283f5ad22
  branch: master
  specs:
    marbles-tent-client-js (0.0.2)

GIT
  remote: git://github.com/tent/rack-putty.git
  revision: ebb5a62dc895ce0b73fa6cd3dda330226f42beb9
  branch: master
  specs:
    rack-putty (0.0.1)
      rack-mount (~> 0.8.3)

GEM
  remote: https://rubygems.org/
  specs:
    chunky_png (1.3.1)
    compass (0.12.6)
      chunky_png (~> 1.2)
      fssm (>= 0.2.7)
      sass (~> 3.2.19)
    execjs (2.0.2)
    fssm (0.2.10)
    hike (1.2.3)
    json (1.8.1)
    multi_json (1.10.0)
    puma (2.8.2)
      rack (>= 1.1, < 2.0)
    rack (1.5.2)
    rack-mount (0.8.3)
      rack (>= 1.0.0)
    rainpress (1.0)
    rake (10.3.1)
    sass (3.2.19)
    sprockets-helpers (0.9.1)
      sprockets (~> 2.0)
    sprockets-rainpress (0.0.1)
      rainpress
      sprockets
    sprockets-sass (0.9.1)
      sprockets (~> 2.0)
      tilt (~> 1.1)
    tilt (1.4.1)
    uglifier (2.5.0)
      execjs (>= 0.3.0)
      json (>= 1.8.0)
    yajl-ruby (1.2.0)

PLATFORMS
  ruby

DEPENDENCIES
  contacts-service!
  icing!
  marbles-js!
  marbles-tent-client-js!
  puma
  rack-putty!
  rake
  react-jsx-sprockets!
  sprockets (~> 2.0)!
  static-sprockets!
  tilt (= 1.4.1)
  yajl-ruby
